GEM
  remote: http://rubygems.org/
  specs:
    actionmailer (2.3.5)
      actionpack (= 2.3.5)
    actionpack (2.3.5)
      activesupport (= 2.3.5)
      rack (~> 1.0.0)
    activerecord (2.3.5)
      activesupport (= 2.3.5)
    activeresource (2.3.5)
      activesupport (= 2.3.5)
    activesupport (2.3.5)
    paperclip (2.3.3)
      activerecord
      activesupport
    rack (1.0.1)
    rails (2.3.5)
      actionmailer (= 2.3.5)
      actionpack (= 2.3.5)
      activerecord (= 2.3.5)
      activeresource (= 2.3.5)
      activesupport (= 2.3.5)
      rake (>= 0.8.3)
    rake (0.8.7)
    right-rails (1.0.0)
    rspec (1.3.0)
    rspec-rails (1.3.2)
      rack (>= 1.0.0)
      rspec (>= 1.3.0)
    sqlite3-ruby (1.3.1)

PLATFORMS
  ruby

DEPENDENCIES
  paperclip
  rails (~> 2.3.5)
  right-rails
  rspec
  rspec-rails
  sqlite3-ruby
